GEM
  remote: http://rubygems.org/
  specs:
    addressable (2.2.7)
    cronedit (0.3.0)
    fakeweb (1.3.0)
    faraday (0.7.6)
      addressable (~> 2.2)
      multipart-post (~> 1.1)
      rack (~> 1.1)
    faraday_middleware (0.8.4)
      faraday (>= 0.7.4, < 0.9)
    foursquare2 (1.3.6)
      faraday (>= 0.6, < 0.8)
      faraday_middleware (>= 0.8)
      hashie (~> 1.0)
    geokit (1.6.5)
      multi_json
    git (1.2.5)
    hashie (1.2.0)
    jeweler (1.8.3)
      bundler (~> 1.0)
      git (>= 1.2.5)
      rake
      rdoc
    jnunemaker-matchy (0.4.0)
    json (1.6.5)
    json_pure (1.6.5)
    multi_json (1.1.0)
    multipart-post (1.1.5)
    oauth2 (0.5.2)
      faraday (~> 0.7)
      multi_json (~> 1.0)
    rack (1.4.1)
    rake (0.9.2.2)
    rcov (1.0.0)
    rdoc (3.12)
      json (~> 1.4)
    shoulda (3.0.1)
      shoulda-context (~> 1.0.0)
      shoulda-matchers (~> 1.0.0)
    shoulda-context (1.0.0)
    shoulda-matchers (1.0.0)

PLATFORMS
  ruby

DEPENDENCIES
  bundler (~> 1.0)
  cronedit
  fakeweb (~> 1.3)
  faraday (>= 0.6, < 0.8)
  faraday_middleware (>= 0.8)
  foursquare2
  geokit
  hashie (~> 1.0)
  jeweler (~> 1.5)
  jnunemaker-matchy (~> 0.4)
  json_pure (~> 1.4)
  multi_json (>= 0.0.5, < 2.0.0)
  oauth2
  rcov
  shoulda
